PATH
  remote: .
  specs:
    active_admin_datetime_picker (0.1.0)
      font-awesome-sass

GEM
  remote: https://rubygems.org/
  specs:
    diff-lcs (1.3)
    ffi (1.12.2)
    font-awesome-sass (5.12.0)
      sassc (>= 1.11)
    rake (12.3.3)
    rspec (3.9.0)
      rspec-core (~> 3.9.0)
      rspec-expectations (~> 3.9.0)
      rspec-mocks (~> 3.9.0)
    rspec-core (3.9.2)
      rspec-support (~> 3.9.3)
    rspec-expectations (3.9.1)
      diff-lcs (>= 1.2.0, < 2.0)
      rspec-support (~> 3.9.0)
    rspec-mocks (3.9.1)
      diff-lcs (>= 1.2.0, < 2.0)
      rspec-support (~> 3.9.0)
    rspec-support (3.9.3)
    sassc (2.3.0)
      ffi (~> 1.9)

PLATFORMS
  ruby

DEPENDENCIES
  active_admin_datetime_picker!
  rake (~> 12.0)
  rspec (~> 3.0)

BUNDLED WITH
   2.1.4
